GIT
  remote: git://github.com/btakita/rr.git
  revision: 574c845ef512e799c5289260f6033083832c187e
  specs:
    rr (1.0.4)

GEM
  remote: http://rubygems.org/
  specs:
    actionmailer (2.3.18)
      actionpack (= 2.3.18)
    actionpack (2.3.18)
      activesupport (= 2.3.18)
      rack (~> 1.1.0)
    activesupport (2.3.18)
    diff-lcs (1.2.1)
    git (1.2.5)
    jeweler (1.8.4)
      bundler (~> 1.0)
      git (>= 1.2.5)
      rake
      rdoc
    json (1.7.7)
    json (1.7.7-java)
    rack (1.1.6)
    rake (10.0.4)
    rdoc (4.0.0)
      json (~> 1.4)
    rspec (2.13.0)
      rspec-core (~> 2.13.0)
      rspec-expectations (~> 2.13.0)
      rspec-mocks (~> 2.13.0)
    rspec-core (2.13.1)
    rspec-expectations (2.13.0)
      diff-lcs (>= 1.1.3, < 2.0)
    rspec-mocks (2.13.0)

PLATFORMS
  java
  ruby

DEPENDENCIES
  actionmailer (~> 2.3.18)
  bundler (~> 1.3.2)
  jeweler (~> 1.8.4)
  rake (~> 10.0.3)
  rdoc (~> 4.0.0)
  rr!
  rspec (~> 2.13.0)
